PATH
  remote: .
  specs:
    risky (1.1.0)
      riak-client (~> 1.4.0)

GEM
  remote: https://rubygems.org/
  specs:
    beefcake (0.3.7)
    builder (3.2.2)
    diff-lcs (1.2.4)
    excon (0.25.3)
    i18n (0.6.5)
    innertube (1.0.2)
    multi_json (1.7.9)
    riak-client (1.4.0)
      beefcake (~> 0.3.7)
      builder (>= 2.1.2)
      i18n (>= 0.4.0)
      innertube (~> 1.0.2)
      multi_json (~> 1.0)
    rspec (2.14.1)
      rspec-core (~> 2.14.0)
      rspec-expectations (~> 2.14.0)
      rspec-mocks (~> 2.14.0)
    rspec-core (2.14.5)
    rspec-expectations (2.14.2)
      diff-lcs (>= 1.1.3, < 2.0)
    rspec-mocks (2.14.3)

PLATFORMS
  ruby

DEPENDENCIES
  excon
  risky!
  rspec
